PATH
  remote: .
  specs:
    bosh_cloudstack_cpi (0.0.1)
      bosh_common (>= 0.4.0)
      bosh_cpi (>= 0.4.2)
      httpclient (>= 2.2.0)
      uuidtools (>= 2.1.2)
      yajl-ruby (>= 0.8.2)

GEM
  remote: http://rubygems.org/
  specs:
    archive-tar-minitar (0.5.2)
    bosh_common (0.4.0)
    bosh_cpi (0.4.2)
      bosh_common
    columnize (0.3.6)
    diff-lcs (1.1.3)
    ffi (1.0.11)
    guard (1.1.1)
      listen (>= 0.4.2)
      thor (>= 0.14.6)
    guard-rspec (1.1.0)
      guard (>= 1.1)
    httpclient (2.2.5)
    linecache (0.46)
      rbx-require-relative (> 0.0.4)
    linecache19 (0.5.12)
      ruby_core_source (>= 0.1.4)
    listen (0.4.6)
      rb-fchange (~> 0.0.5)
      rb-fsevent (~> 0.9.1)
      rb-inotify (~> 0.8.8)
    rake (0.9.2.2)
    rb-fchange (0.0.5)
      ffi
    rb-fsevent (0.9.1)
    rb-inotify (0.8.8)
      ffi (>= 0.5.0)
    rbx-require-relative (0.0.9)
    rspec (2.10.0)
      rspec-core (~> 2.10.0)
      rspec-expectations (~> 2.10.0)
      rspec-mocks (~> 2.10.0)
    rspec-core (2.10.1)
    rspec-expectations (2.10.0)
      diff-lcs (~> 1.1.3)
    rspec-mocks (2.10.1)
    ruby-debug (0.10.4)
      columnize (>= 0.1)
      ruby-debug-base (~> 0.10.4.0)
    ruby-debug-base (0.10.4)
      linecache (>= 0.3)
    ruby-debug-base19 (0.11.25)
      columnize (>= 0.3.1)
      linecache19 (>= 0.5.11)
      ruby_core_source (>= 0.1.4)
    ruby-debug19 (0.11.6)
      columnize (>= 0.3.1)
      linecache19 (>= 0.5.11)
      ruby-debug-base19 (>= 0.11.19)
    ruby_core_source (0.1.5)
      archive-tar-minitar (>= 0.5.2)
    thor (0.15.3)
    uuidtools (2.1.2)
    yajl-ruby (1.1.0)

PLATFORMS
  ruby

DEPENDENCIES
  bosh_cloudstack_cpi!
  guard-rspec
  rake
  rspec (~> 2.10)
  ruby-debug
  ruby-debug19
